PATH
  remote: .
  specs:
    taps (0.3.24)
      rack (>= 1.0.1)
      rest-client (>= 1.4.0, < 1.7.0)
      sequel (~> 3.20.0)
      sinatra (~> 1.0)

GEM
  remote: http://rubygems.org/
  specs:
    activesupport (3.0.5)
    bacon (1.1.0)
    builder (3.0.0)
    daemons (1.1.0)
    eventmachine (0.12.10)
    extlib (0.9.15)
    hoptoad_notifier (2.4.7)
      activesupport
      builder
    mime-types (1.23)
    mocha (0.9.8)
      rake
    multi_json (1.7.7)
    mysql (2.8.1)
    mysql2 (0.2.6)
    pg (0.9.0)
    rack (1.5.2)
    rack-protection (1.5.0)
      rack
    rack-test (0.5.7)
      rack (>= 1.0)
    rake (0.8.7)
    rest-client (1.6.7)
      mime-types (>= 1.16)
    sequel (3.20.0)
    simplecov (0.7.1)
      multi_json (~> 1.0)
      simplecov-html (~> 0.7.1)
    simplecov-html (0.7.1)
    simplecov-rcov (0.2.3)
      simplecov (>= 0.4.1)
    sinatra (1.4.3)
      rack (~> 1.4)
      rack-protection (~> 1.4)
      tilt (~> 1.3, >= 1.3.4)
    sqlite3 (1.3.6)
    thin (1.2.7)
      daemons (>= 1.0.9)
      eventmachine (>= 0.12.6)
      rack (>= 1.0.0)
    tilt (1.4.1)

PLATFORMS
  ruby

DEPENDENCIES
  bacon
  extlib (= 0.9.15)
  hoptoad_notifier
  mocha
  mysql (= 2.8.1)
  mysql2 (= 0.2.6)
  pg (= 0.9.0)
  rack-test
  rake
  simplecov-rcov
  sqlite3 (~> 1.2)
  taps!
  thin (> 1.2.0)
